GEM
  remote: http://rubygems.org/
  specs:
    activemodel (3.0.0)
      activesupport (= 3.0.0)
      builder (~> 2.1.2)
      i18n (~> 0.4.1)
    activesupport (3.0.0)
    bson (1.3.1)
    bson_ext (1.3.1)
    builder (2.1.2)
    chronic (0.6.1)
    daemons (1.1.4)
    database_cleaner (0.6.0)
    diff-lcs (1.1.3)
    eventmachine (0.12.10)
    faker (0.9.5)
      i18n (~> 0.4)
    fakeweb (1.3.0)
    i18n (0.4.2)
    jnunemaker-validatable (1.8.4)
      activesupport (>= 2.3.4)
    json (1.2.0)
    machinist (1.0.6)
    machinist_mongo (2.0.0.pre)
      machinist (~> 1.0.6)
    mongo (1.3.1)
      bson (>= 1.3.1)
    mongo_mapper (0.8.6)
      activesupport (>= 2.3.4)
      jnunemaker-validatable (~> 1.8.4)
      plucky (~> 0.3.6)
    mongomapper_ext (0.5.2)
      i18n (~> 0.4.1)
      mongo_mapper (~> 0.8)
      mongo_mapper (~> 0.8)
      tzinfo (~> 0.3)
      uuidtools (>= 2.0.0)
      uuidtools (~> 2.0.0)
    nokogiri (1.5.0)
    plucky (0.3.8)
      mongo (~> 1.3)
    rack (1.3.1)
    rack-contrib (0.9.2)
      rack (>= 0.9.1)
      test-spec (~> 0.9.0)
    rack-test (0.5.6)
      rack (>= 1.0)
    racksh (0.9.8)
      rack (>= 1.0)
      rack-test (>= 0.5)
    rspec (2.2.0)
      rspec-core (~> 2.2)
      rspec-expectations (~> 2.2)
      rspec-mocks (~> 2.2)
    rspec-core (2.8.0)
    rspec-expectations (2.8.0)
      diff-lcs (~> 1.1.2)
    rspec-mocks (2.8.0)
    ruby-stemmer (0.8.1)
    sinatra (1.0)
      rack (>= 1.0)
    test-spec (0.9.0)
    test-unit (2.3.0)
    thin (1.2.11)
      daemons (>= 1.0.9)
      eventmachine (>= 0.12.6)
      rack (>= 1.0.0)
    transitions (0.0.9)
    tzinfo (0.3.29)
    uuidtools (2.0.0)
    webrat (0.7.3)
      nokogiri (>= 1.2.0)
      rack (>= 1.0)
      rack-test (>= 0.5.3)
    yard (0.7.2)

PLATFORMS
  ruby

DEPENDENCIES
  activemodel (= 3.0.0)
  activesupport (= 3.0.0)
  bson_ext (= 1.3.1)
  chronic
  database_cleaner (= 0.6)
  faker
  fakeweb
  i18n
  json (= 1.2.0)
  machinist (= 1.0.6)
  machinist_mongo (= 2.0.0.pre)
  mongo_mapper (= 0.8.6)
  mongomapper_ext (~> 0.5.2)
  rack-contrib (= 0.9.2)
  rack-test (= 0.5.6)
  racksh
  rspec (= 2.2)
  ruby-stemmer (= 0.8.1)
  sinatra (= 1.0)
  test-unit
  thin
  transitions
  tzinfo
  webrat
  yard
